GEM
  remote: https://rubygems.org/
  specs:
    net-sftp (2.1.2)
      net-ssh (>= 2.6.5)
    net-ssh (2.9.1)
    travis-custom-deploy (0.0.6)
      net-sftp (~> 2.1.2)

PLATFORMS
  ruby

DEPENDENCIES
  travis-custom-deploy (~> 0.0.6)
